GEM
  remote: https://rubygems.org/
  specs:
    actionmailer (2.3.17)
      actionpack (= 2.3.17)
    actionpack (2.3.17)
      activesupport (= 2.3.17)
      rack (~> 1.1.0)
    activerecord (2.3.17)
      activesupport (= 2.3.17)
    activeresource (2.3.17)
      activesupport (= 2.3.17)
    activesupport (2.3.17)
    bitly (0.4.0)
      crack (>= 0.1.1)
    bluecloth (2.0.7)
    crack (0.4.2)
      safe_yaml (~> 1.0.0)
    daemons (1.1.9)
    eventmachine (1.0.3)
    ezcrypto (0.7.2)
    haml (3.1.8)
    i18n (0.6.11)
    iconv (1.0.4)
    json (1.8.1)
    oauth (0.3.5)
      ruby-hmac (>= 0.3.1)
    pacecar (1.2.0)
    pg (0.17.1)
    rack (1.1.6)
    rails (2.3.17)
      actionmailer (= 2.3.17)
      actionpack (= 2.3.17)
      activerecord (= 2.3.17)
      activeresource (= 2.3.17)
      activesupport (= 2.3.17)
      rake (>= 0.8.3)
    rake (10.3.2)
    ruby-hmac (0.4.0)
    safe_yaml (1.0.4)
    shoulda (2.10.3)
    sqlite3-ruby (1.2.5)
    thin (1.6.3)
      daemons (~> 1.0, >= 1.0.9)
      eventmachine (~> 1.0)
      rack (~> 1.0)
    will_paginate (2.3.16)
    yaml_waml (0.3.0)

PLATFORMS
  ruby

DEPENDENCIES
  bitly (= 0.4.0)
  bluecloth (= 2.0.7)
  ezcrypto (= 0.7.2)
  haml (~> 3.1.6)
  i18n
  iconv
  json
  oauth (= 0.3.5)
  pacecar (= 1.2.0)
  pg
  rails (= 2.3.17)
  shoulda (= 2.10.3)
  sqlite3-ruby (= 1.2.5)
  thin
  will_paginate (~> 2.3.12)
  yaml_waml (= 0.3.0)
