GEM
  remote: http://rubygems.org/
  specs:
    actionmailer (2.3.5)
      actionpack (= 2.3.5)
    actionpack (2.3.5)
      activesupport (= 2.3.5)
      rack (~> 1.0.0)
    activerecord (2.3.5)
      activesupport (= 2.3.5)
    activeresource (2.3.5)
      activesupport (= 2.3.5)
    activesupport (2.3.5)
    bitly (0.4.0)
      crack (>= 0.1.1)
    bluecloth (2.0.7)
    crack (0.1.8)
    ezcrypto (0.7.2)
    haml (2.2.22)
    hoptoad_notifier (2.2.2)
      activesupport
    json (1.4.3)
    oauth (0.3.5)
      ruby-hmac (>= 0.3.1)
    pacecar (1.2.0)
    pg (0.9.0)
    rack (1.0.1)
    rails (2.3.5)
      actionmailer (= 2.3.5)
      actionpack (= 2.3.5)
      activerecord (= 2.3.5)
      activeresource (= 2.3.5)
      activesupport (= 2.3.5)
      rake (>= 0.8.3)
    rake (0.8.7)
    ruby-hmac (0.4.0)
    shoulda (2.10.3)
    sqlite3-ruby (1.2.5)
    will_paginate (2.3.12)
    yaml_waml (0.3.0)

PLATFORMS
  ruby

DEPENDENCIES
  bitly (= 0.4.0)
  bluecloth (= 2.0.7)
  bundler (= 1.0.0)
  ezcrypto (= 0.7.2)
  haml (= 2.2.22)
  hoptoad_notifier (= 2.2.2)
  json (= 1.4.3)
  oauth (= 0.3.5)
  pacecar (= 1.2.0)
  pg (= 0.9.0)
  rails (= 2.3.5)
  shoulda (= 2.10.3)
  sqlite3-ruby (= 1.2.5)
  will_paginate (= 2.3.12)
  yaml_waml (= 0.3.0)
